GEM
  remote: https://rubygems.org/
  specs:

PLATFORMS
  ruby

DEPENDENCIES

BUNDLED WITH
   2.1.0.pre.1
